GIT
  remote: git@github.com:poblahblahblah/nv_helpers
  revision: 680eda98674424d3aece1aab950388bac6346529
  specs:
    nv_helpers (1.1.2)
      nventory-client

PATH
  remote: ../nagyo-server-helper
  specs:
    nagyo-server-helper (0.0.1)
      activesupport
      configuration
      json
      nokogiri
      nv_helpers
      nventory-client
      rest-client

GEM
  remote: http://rubygems.org/
  specs:
    activesupport (3.2.9)
      i18n (~> 0.6)
      multi_json (~> 1.0)
    archive-tar-minitar (0.5.2)
    chefkitchen_cli (0.0.1)
      json
      rest-client (~> 1.6.7)
      thor
    childprocess (0.3.6)
      ffi (~> 1.0, >= 1.0.6)
    configuration (1.3.2)
    erubis (2.7.0)
    facter (1.6.14)
    ffi (1.2.0)
    i18n (0.6.1)
    json (1.5.4)
    log4r (1.1.10)
    mime-types (1.19)
    multi_json (1.3.7)
    net-scp (1.0.4)
      net-ssh (>= 1.99.1)
    net-ssh (2.2.2)
    nokogiri (1.5.5)
    nventory-client (1.65.4)
      facter
    rake (10.0.2)
    rest-client (1.6.7)
      mime-types (>= 1.16)
    thor (0.16.0)
    vagrant (1.0.5)
      archive-tar-minitar (= 0.5.2)
      childprocess (~> 0.3.1)
      erubis (~> 2.7.0)
      i18n (~> 0.6.0)
      json (~> 1.5.1)
      log4r (~> 1.1.9)
      net-scp (~> 1.0.4)
      net-ssh (~> 2.2.2)

PLATFORMS
  ruby

DEPENDENCIES
  chefkitchen_cli
  nagyo-server-helper!
  nv_helpers!
  nventory-client
  rake
  vagrant (~> 1.0.5)
