GIT
  remote: git://github.com/poblahblahblah/nv_helpers.git
  revision: 4321cd9272849f8a60c56f505224ae7c1800bc6a
  specs:
    nv_helpers (1.1.2)
      nventory-client

PATH
  remote: .
  specs:
    nagyo-worker (0.0.3)
      activesupport
      nagyo-server-helper
      nv_helpers
      nventory-client

PATH
  remote: ../nagyo-server-helper
  specs:
    nagyo-server-helper (0.0.1)
      activesupport
      json
      nokogiri
      rest-client

GEM
  remote: https://rubygems.org/
  specs:
    activesupport (3.2.9)
      i18n (~> 0.6)
      multi_json (~> 1.0)
    diff-lcs (1.1.3)
    facter (1.6.14)
    i18n (0.6.1)
    json (1.7.5)
    mime-types (1.19)
    multi_json (1.3.7)
    nokogiri (1.5.5)
    nventory-client (1.65.4)
      facter
    rake (0.9.2.2)
    rest-client (1.6.7)
      mime-types (>= 1.16)
    rspec (2.11.0)
      rspec-core (~> 2.11.0)
      rspec-expectations (~> 2.11.0)
      rspec-mocks (~> 2.11.0)
    rspec-core (2.11.1)
    rspec-expectations (2.11.3)
      diff-lcs (~> 1.1.3)
    rspec-mocks (2.11.3)

PLATFORMS
  ruby

DEPENDENCIES
  nagyo-server-helper!
  nagyo-worker!
  nv_helpers!
  rake
  rspec
